GEM
  remote: https://rubygems.org/
  specs:
    sqlite3 (1.4.2)

PLATFORMS
  x86_64-linux

DEPENDENCIES
  sqlite3

RUBY VERSION
   ruby 3.0.2p107

BUNDLED WITH
   2.2.29
